PATH
  remote: .
  specs:
    kronic (1.1.3)

GEM
  remote: https://rubygems.org/
  specs:
    activesupport (3.0.7)
    i18n (0.5.0)
    libv8 (3.16.14.3)
    rake (0.8.7)
    ref (1.0.5)
    therubyracer (0.12.1)
      libv8 (~> 3.16.14.0)
      ref
    timecop (0.3.5)
    tzinfo (0.3.27)
    xspec (0.0.2)

PLATFORMS
  ruby

DEPENDENCIES
  activesupport
  bundler
  i18n
  kronic!
  rake
  therubyracer
  timecop
  tzinfo
  xspec
