PATH
  remote: .
  specs:
    kronic (1.1.3)

GEM
  remote: https://rubygems.org/
  specs:
    activesupport (3.0.7)
    diff-lcs (1.1.2)
    i18n (0.5.0)
    libv8 (3.16.14.3)
    rake (0.8.7)
    ref (1.0.5)
    rspec (2.6.0)
      rspec-core (~> 2.6.0)
      rspec-expectations (~> 2.6.0)
      rspec-mocks (~> 2.6.0)
    rspec-core (2.6.0)
    rspec-expectations (2.6.0)
      diff-lcs (~> 1.1.2)
    rspec-mocks (2.6.0)
    therubyracer (0.12.1)
      libv8 (~> 3.16.14.0)
      ref
    timecop (0.3.5)
    tzinfo (0.3.27)

PLATFORMS
  ruby

DEPENDENCIES
  activesupport
  bundler
  i18n
  kronic!
  rake
  rspec (~> 2.5)
  therubyracer
  timecop
  tzinfo
